GEM
  remote: https://rubygems.org/
  specs:
    connection_pool (2.2.5)
    nio4r (2.5.8)
    pg (1.2.3)
    puma (5.6.4)
      nio4r (~> 2.0)
    rack (2.2.6.2)
    rake (13.0.3)
    redis (4.5.1)
    sequel (5.40.0)
    sequel_pg (1.14.0)
      pg (>= 0.18.0, != 1.2.0)
      sequel (>= 4.38.0)
    sidekiq (6.4.0)
      connection_pool (>= 2.2.2)
      rack (~> 2.0)
      redis (>= 4.2.0)
    slimer (0.1.2)
      rack (~> 2.0)
      rake (~> 13.0)
      sequel (>= 5.40)
      sidekiq (>= 6.1)

PLATFORMS
  x86_64-darwin-20
  x86_64-linux

DEPENDENCIES
  pg (~> 1.2)
  puma
  sequel_pg
  sidekiq
  slimer

BUNDLED WITH
   2.2.4
