GEM
  remote: https://rubygems.org/
  specs:
    concurrent-ruby (1.2.2)
    connection_pool (2.4.0)
    nio4r (2.5.8)
    pg (1.2.3)
    puma (5.6.4)
      nio4r (~> 2.0)
    rack (2.2.6.4)
    rake (13.0.3)
    redis-client (0.14.1)
      connection_pool
    sequel (5.40.0)
    sequel_pg (1.14.0)
      pg (>= 0.18.0, != 1.2.0)
      sequel (>= 4.38.0)
    sidekiq (7.0.8)
      concurrent-ruby (< 2)
      connection_pool (>= 2.3.0)
      rack (>= 2.2.4)
      redis-client (>= 0.11.0)
    slimer (0.1.2)
      rack (~> 2.0)
      rake (~> 13.0)
      sequel (>= 5.40)
      sidekiq (>= 6.1)

PLATFORMS
  x86_64-darwin-20
  x86_64-linux

DEPENDENCIES
  pg (~> 1.2)
  puma
  sequel_pg
  sidekiq
  slimer

BUNDLED WITH
   2.2.4
